GIT
  remote: git://github.com/svenfuchs/i18n.git
  revision: 2d43846d2b2a2e596f30fa58ea1c9ddb2243bb64
  ref: 0.5.0
  specs:
    i18n (0.4.2)

PATH
  remote: /home/chris/work/projects/adva-cms2/adva-blog
  specs:
    adva-blog (0.0.2)
      adva-core
      truncate_html

PATH
  remote: /home/chris/work/projects/adva-cms2/adva-cache
  specs:
    adva-cache (0.0.2)
      adva-core
      rack-cache-purge (= 0.0.2)
      rack-cache-tags (= 0.0.6)
      reference_tracking (= 0.0.4)

PATH
  remote: /home/chris/work/projects/adva-cms2/adva-core
  specs:
    adva-core (0.0.2)
      gem_patching (= 0.0.2)
      i18n-missing_translations (= 0.0.1)
      inherited_resources (= 1.1.2)
      inherited_resources_helpers (= 0.0.14)
      kronn-has_many_polymorphs (= 3.0.2)
      minimal (= 0.0.22)
      rails (= 3.0.1)
      routing-filter (= 0.2.0)
      silence_log_tailer (= 0.0.1)
      simple_form (= 1.2.2)
      simple_nested_set (= 0.0.19)
      simple_slugs (= 0.0.7)
      simple_table (= 0.0.11)

PATH
  remote: /home/chris/work/projects/adva-cms2/adva-markup
  specs:
    adva-markup (0.0.2)
      RedCloth
      adva-core
      rdiscount

PATH
  remote: /home/chris/work/projects/adva-cms2/adva-static
  specs:
    adva-static (0.0.2)
      adva-core
      nokogiri
      rack-cache
      watchr

GEM
  remote: http://rubygems.org/
  specs:
    RedCloth (4.2.3)
    abstract (1.0.0)
    actionmailer (3.0.1)
      actionpack (= 3.0.1)
      mail (~> 2.2.5)
    actionpack (3.0.1)
      activemodel (= 3.0.1)
      activesupport (= 3.0.1)
      builder (~> 2.1.2)
      erubis (~> 2.6.6)
      i18n (~> 0.4.1)
      rack (~> 1.2.1)
      rack-mount (~> 0.6.12)
      rack-test (~> 0.5.4)
      tzinfo (~> 0.3.23)
    activemodel (3.0.1)
      activesupport (= 3.0.1)
      builder (~> 2.1.2)
      i18n (~> 0.4.1)
    activerecord (3.0.1)
      activemodel (= 3.0.1)
      activesupport (= 3.0.1)
      arel (~> 1.0.0)
      tzinfo (~> 0.3.23)
    activeresource (3.0.1)
      activemodel (= 3.0.1)
      activesupport (= 3.0.1)
    activesupport (3.0.1)
    arel (1.0.1)
      activesupport (~> 3.0.0)
    builder (2.1.2)
    columnize (0.3.2)
    erubis (2.6.6)
      abstract (>= 1.0.0)
    gem_patching (0.0.2)
    has_scope (0.5.0)
    i18n-missing_translations (0.0.1)
    inherited_resources (1.1.2)
      has_scope (~> 0.5.0)
      responders (~> 0.6.0)
    inherited_resources_helpers (0.0.14)
    kronn-has_many_polymorphs (3.0.2)
      activerecord
    linecache (0.43)
    mail (2.2.9)
      activesupport (>= 2.3.6)
      i18n (~> 0.4.1)
      mime-types (~> 1.16)
      treetop (~> 1.4.8)
    mime-types (1.16)
    minimal (0.0.22)
      actionpack (>= 3.0.0)
      activesupport (>= 3.0.0)
    nokogiri (1.4.3.1)
    polyglot (0.3.1)
    rack (1.2.1)
    rack-cache (0.5.3)
      rack (>= 0.4)
    rack-cache-purge (0.0.2)
      rack-cache (~> 0.5)
    rack-cache-tags (0.0.6)
    rack-mount (0.6.13)
      rack (>= 1.0.0)
    rack-test (0.5.6)
      rack (>= 1.0)
    rails (3.0.1)
      actionmailer (= 3.0.1)
      actionpack (= 3.0.1)
      activerecord (= 3.0.1)
      activeresource (= 3.0.1)
      activesupport (= 3.0.1)
      bundler (~> 1.0.0)
      railties (= 3.0.1)
    railties (3.0.1)
      actionpack (= 3.0.1)
      activesupport (= 3.0.1)
      rake (>= 0.8.4)
      thor (~> 0.14.0)
    rake (0.8.7)
    rdiscount (1.6.5)
    reference_tracking (0.0.4)
    responders (0.6.2)
    routing-filter (0.2.0)
      actionpack
    ruby-debug (0.10.4)
      columnize (>= 0.1)
      ruby-debug-base (~> 0.10.4.0)
    ruby-debug-base (0.10.4)
      linecache (>= 0.3)
    silence_log_tailer (0.0.1)
    simple_form (1.2.2)
    simple_nested_set (0.0.19)
      activerecord (~> 3.0.0)
      activesupport
      gem_patching
    simple_slugs (0.0.7)
    simple_table (0.0.11)
      actionpack (~> 3.0.0)
      activesupport (~> 3.0.0)
    sqlite3-ruby (1.2.5)
    thor (0.14.4)
    treetop (1.4.8)
      polyglot (>= 0.3.1)
    truncate_html (0.4.0)
    tzinfo (0.3.23)
    watchr (0.7)

PLATFORMS
  ruby

DEPENDENCIES
  adva-blog!
  adva-cache!
  adva-core!
  adva-markup!
  adva-static!
  i18n!
  rails (= 3.0.1)
  ruby-debug
  sqlite3-ruby (= 1.2.5)
