PATH
  remote: /Volumes/Users/sven/Development/projects/adva-cms2/adva-blog
  specs:
    adva-blog (0.0.1)
      adva-core
      truncate_html

PATH
  remote: /Volumes/Users/sven/Development/projects/adva-cms2/adva-core
  specs:
    adva-core (0.0.1)
      gem_patching
      inherited_resources (= 1.1.2)
      inherited_resources_helpers (= 0.0.10)
      minimal (= 0.0.20)
      nbrew-country_select
      rails (= 3.0.0)
      routing-filter (= 0.1.7)
      silence_log_tailer
      simple_form
      simple_nested_set (= 0.0.13)
      simple_slugs (= 0.0.7)
      simple_table (= 0.0.5)

PATH
  remote: /Volumes/Users/sven/Development/projects/adva-cms2/adva-static
  specs:
    adva-static (0.0.1)
      adva-core
      nokogiri
      rack-cache
      watchr

PATH
  remote: /Volumes/Users/sven/Development/projects/adva-cms2/adva-user
  specs:
    adva-user (0.0.1)
      adva-core
      devise (= 1.1.2)

GEM
  remote: http://rubygems.org/
  specs:
    abstract (1.0.0)
    actionmailer (3.0.0)
      actionpack (= 3.0.0)
      mail (~> 2.2.5)
    actionpack (3.0.0)
      activemodel (= 3.0.0)
      activesupport (= 3.0.0)
      builder (~> 2.1.2)
      erubis (~> 2.6.6)
      i18n (~> 0.4.1)
      rack (~> 1.2.1)
      rack-mount (~> 0.6.12)
      rack-test (~> 0.5.4)
      tzinfo (~> 0.3.23)
    activemodel (3.0.0)
      activesupport (= 3.0.0)
      builder (~> 2.1.2)
      i18n (~> 0.4.1)
    activerecord (3.0.0)
      activemodel (= 3.0.0)
      activesupport (= 3.0.0)
      arel (~> 1.0.0)
      tzinfo (~> 0.3.23)
    activeresource (3.0.0)
      activemodel (= 3.0.0)
      activesupport (= 3.0.0)
    activesupport (3.0.0)
    arel (1.0.1)
      activesupport (~> 3.0.0)
    bcrypt-ruby (2.1.2)
    builder (2.1.2)
    devise (1.1.2)
      bcrypt-ruby (~> 2.1.2)
      warden (~> 0.10.7)
    erubis (2.6.6)
      abstract (>= 1.0.0)
    gem_patching (0.0.2)
    has_scope (0.5.0)
    i18n (0.4.1)
    inherited_resources (1.1.2)
      has_scope (~> 0.5.0)
      responders (~> 0.6.0)
    inherited_resources_helpers (0.0.10)
    mail (2.2.5)
      activesupport (>= 2.3.6)
      mime-types
      treetop (>= 1.4.5)
    mime-types (1.16)
    minimal (0.0.20)
      actionpack (>= 3.0.0.beta2)
    nbrew-country_select (0.0.1)
    nokogiri (1.4.3.1)
    polyglot (0.3.1)
    rack (1.2.1)
    rack-cache (0.5.3)
      rack (>= 0.4)
    rack-mount (0.6.13)
      rack (>= 1.0.0)
    rack-test (0.5.4)
      rack (>= 1.0)
    rails (3.0.0)
      actionmailer (= 3.0.0)
      actionpack (= 3.0.0)
      activerecord (= 3.0.0)
      activeresource (= 3.0.0)
      activesupport (= 3.0.0)
      bundler (~> 1.0.0)
      railties (= 3.0.0)
    railties (3.0.0)
      actionpack (= 3.0.0)
      activesupport (= 3.0.0)
      rake (>= 0.8.4)
      thor (~> 0.14.0)
    rake (0.8.7)
    responders (0.6.2)
    routing-filter (0.1.7)
      actionpack
    silence_log_tailer (0.0.1)
    simple_form (1.2.2)
    simple_nested_set (0.0.13)
      activerecord (~> 3.0.0)
      activesupport
      gem_patching
    simple_slugs (0.0.7)
    simple_table (0.0.5)
      actionpack (~> 3.0.0.rc)
      activesupport (~> 3.0.0.rc)
    sqlite3-ruby (1.2.5)
    thor (0.14.0)
    treetop (1.4.8)
      polyglot (>= 0.3.1)
    truncate_html (0.4.0)
    tzinfo (0.3.23)
    warden (0.10.7)
      rack (>= 1.0.0)
    watchr (0.7)

PLATFORMS
  ruby

DEPENDENCIES
  adva-blog!
  adva-core!
  adva-static!
  adva-user!
  rails (= 3.0.0)
  sqlite3-ruby (= 1.2.5)
